GEM
  remote: https://rubygems.org/
  specs:
    ffi (1.9.18)
    libusb (0.6.2)
      ffi (~> 1.0)
      mini_portile2 (~> 2.1)
    mini_portile2 (2.1.0)

PLATFORMS
  ruby

DEPENDENCIES
  libusb
  mini_portile2

BUNDLED WITH
   1.13.6
